PATH
  remote: .
  specs:
    screenplay (0.1.0)
      blockenspiel
      colorize
      highline
      log_switch
      net-ssh-simple

GEM
  remote: https://rubygems.org/
  specs:
    archive-tar-minitar (0.5.2)
    blockenspiel (0.4.5)
    childprocess (0.3.9)
      ffi (~> 1.0, >= 1.0.11)
    colorize (0.5.8)
    diff-lcs (1.2.1)
    erubis (2.7.0)
    ffi (1.4.0)
    hashie (2.0.3)
    highline (1.6.16)
    i18n (0.6.4)
    json (1.7.7)
    log4r (1.1.10)
    log_switch (0.4.0)
    multi_json (1.6.1)
    net-scp (1.0.4)
      net-ssh (>= 1.99.1)
    net-ssh (2.2.2)
    net-ssh-simple (1.5.8)
      blockenspiel (~> 0.4.3)
      hashie (>= 1.1.0)
      net-scp (~> 1.0.4)
      net-ssh (~> 2.2.1)
    rake (10.0.3)
    redcarpet (2.2.2)
    rspec (2.13.0)
      rspec-core (~> 2.13.0)
      rspec-expectations (~> 2.13.0)
      rspec-mocks (~> 2.13.0)
    rspec-core (2.13.1)
    rspec-expectations (2.13.0)
      diff-lcs (>= 1.1.3, < 2.0)
    rspec-mocks (2.13.0)
    simplecov (0.7.1)
      multi_json (~> 1.0)
      simplecov-html (~> 0.7.1)
    simplecov-html (0.7.1)
    vagrant (1.0.7)
      archive-tar-minitar (= 0.5.2)
      childprocess (~> 0.3.1)
      erubis (~> 2.7.0)
      i18n (~> 0.6.0)
      json (>= 1.5.1, < 1.8.0)
      log4r (~> 1.1.9)
      net-scp (~> 1.0.4)
      net-ssh (~> 2.2.2)
    yard (0.8.5.2)

PLATFORMS
  ruby

DEPENDENCIES
  bundler (>= 1.0.1)
  rake
  redcarpet
  rspec (>= 2.12.0)
  screenplay!
  simplecov
  vagrant (~> 1.0)
  yard (>= 0.7.2)
