GIT
  remote: git@github.com:turboladen/rosh.git
  revision: 2aa5b7423f3cbf2d92900dc57e9d1c01a8814f90
  specs:
    rosh (0.1.0)
      awesome_print
      colorize
      highline
      log_switch
      plist
      sys-proctable

PATH
  remote: .
  specs:
    screenplay (0.1.0)
      colorize
      gli
      log_switch

GEM
  remote: https://rubygems.org/
  specs:
    awesome_print (1.1.0)
    colorize (0.5.8)
    diff-lcs (1.2.4)
    gli (2.7.0)
    highline (1.6.19)
    log_switch (0.4.0)
    multi_json (1.7.7)
    plist (3.1.0)
    rake (10.1.0)
    redcarpet (3.0.0)
    rspec (2.14.1)
      rspec-core (~> 2.14.0)
      rspec-expectations (~> 2.14.0)
      rspec-mocks (~> 2.14.0)
    rspec-core (2.14.2)
    rspec-expectations (2.14.0)
      diff-lcs (>= 1.1.3, < 2.0)
    rspec-mocks (2.14.1)
    simplecov (0.7.1)
      multi_json (~> 1.0)
      simplecov-html (~> 0.7.1)
    simplecov-html (0.7.1)
    sys-proctable (0.9.3)
    tailor (1.2.1)
      log_switch (>= 0.3.0)
      term-ansicolor (>= 1.0.5)
      text-table (>= 1.2.2)
    term-ansicolor (1.2.2)
      tins (~> 0.8)
    text-table (1.2.3)
    tins (0.8.2)
    yard (0.8.6.2)

PLATFORMS
  ruby

DEPENDENCIES
  bundler (>= 1.0.1)
  rake
  redcarpet
  rosh!
  rspec (>= 2.12.0)
  screenplay!
  simplecov
  tailor
  yard (>= 0.7.2)
